FRAMEWORK: NET45
NUGET
  remote: https://www.nuget.org/api/v2
    Aether (8.1.2)
    Anat (1.0)
    FParsec (1.0.2)
    Freya (3.0.0-rc01)
      Freya.Machines.Http (>= 3.0.0-rc < 3.1.0-rc)
      Freya.Machines.Http.Cors (>= 3.0.0-rc < 3.1.0-rc)
      Freya.Machines.Http.Patch (>= 3.0.0-rc < 3.1.0-rc)
      Freya.Routers.Uri.Template (>= 3.0.0-rc < 3.1.0-rc)
    Freya.Core (3.0.0-rc06)
      Aether (>= 8.1 < 9.0)
    Freya.Core.Hopac (3.0.0-rc06)
      Aether (>= 8.1 < 9.0)
      Hopac (>= 0.0 < 1.0)
    Freya.Hopac (3.0.0-rc01)
      Freya.Machines.Http.Cors.Hopac (>= 3.0.0-rc < 3.1.0-rc)
      Freya.Machines.Http.Hopac (>= 3.0.0-rc < 3.1.0-rc)
      Freya.Machines.Http.Patch.Hopac (>= 3.0.0-rc < 3.1.0-rc)
      Freya.Routers.Uri.Template.Hopac (>= 3.0.0-rc < 3.1.0-rc)
    Freya.Machines (3.0.0-rc01)
      Aether (>= 8.1 < 9.0)
      Freya.Core (>= 3.0.0-rc < 3.1.0-rc)
      Hephaestus (>= 4.0 < 5.0)
    Freya.Machines.Hopac (3.0.0-rc02)
      Aether (>= 8.1 < 9.0)
      Freya.Core.Hopac (>= 3.0.0-rc < 3.1.0-rc)
      Hephaestus.Hopac (>= 4.0 < 5.0)
    Freya.Machines.Http (3.0.0-rc03)
      Aether (>= 8.1 < 9.0)
      Freya.Core (>= 3.0.0-rc < 3.1.0-rc)
      Freya.Machines (>= 3.0.0-rc01)
      Freya.Optics.Http (>= 3.0.0-rc < 3.1.0-rc)
      Freya.Types.Http (>= 3.0.0-rc < 3.1.0-rc)
      Freya.Types.Language (>= 3.0.0-rc < 3.1.0-rc)
      Hephaestus (>= 4.0 < 5.0)
    Freya.Machines.Http.Cors (3.0.0-rc01)
      Aether (>= 8.1 < 9.0)
      Freya.Core (>= 3.0.0-rc < 3.1.0-rc)
      Freya.Machines (>= 3.0.0-rc01)
      Freya.Machines.Http (>= 3.0.0-rc02)
      Freya.Optics.Http (>= 3.0.0-rc < 3.1.0-rc)
      Freya.Optics.Http.Cors (>= 3.0.0-rc < 3.1.0-rc)
      Freya.Types.Http (>= 3.0.0-rc < 3.1.0-rc)
      Freya.Types.Http.Cors (>= 3.0.0-rc < 3.1.0-rc)
      Hephaestus (>= 4.0 < 5.0)
    Freya.Machines.Http.Cors.Hopac (3.0.0-rc01)
      Aether (>= 8.1 < 9.0)
      Freya.Core.Hopac (>= 3.0.0-rc < 3.1.0-rc)
      Freya.Machines.Hopac (>= 3.0.0-rc02)
      Freya.Machines.Http.Hopac (>= 3.0.0-rc01)
      Freya.Optics.Http.Cors.Hopac (>= 3.0.0-rc < 3.1.0-rc)
      Freya.Optics.Http.Hopac (>= 3.0.0-rc < 3.1.0-rc)
      Freya.Types.Http (>= 3.0.0-rc < 3.1.0-rc)
      Freya.Types.Http.Cors (>= 3.0.0-rc < 3.1.0-rc)
      Hephaestus.Hopac (>= 4.0 < 5.0)
    Freya.Machines.Http.Hopac (3.0.0-rc03)
      Aether (>= 8.1 < 9.0)
      Freya.Core.Hopac (>= 3.0.0-rc < 3.1.0-rc)
      Freya.Machines.Hopac (>= 3.0.0-rc02)
      Freya.Optics.Http.Hopac (>= 3.0.0-rc < 3.1.0-rc)
      Freya.Types.Http (>= 3.0.0-rc < 3.1.0-rc)
      Freya.Types.Language (>= 3.0.0-rc < 3.1.0-rc)
      Hephaestus.Hopac (>= 4.0 < 5.0)
    Freya.Machines.Http.Patch (3.0.0-rc01)
      Aether (>= 8.1 < 9.0)
      Freya.Core (>= 3.0.0-rc < 3.1.0-rc)
      Freya.Machines (>= 3.0.0-rc01)
      Freya.Machines.Http (>= 3.0.0-rc02)
      Freya.Optics.Http (>= 3.0.0-rc < 3.1.0-rc)
      Freya.Optics.Http.Patch (>= 3.0.0-rc < 3.1.0-rc)
      Freya.Types.Http (>= 3.0.0-rc < 3.1.0-rc)
      Freya.Types.Http.Patch (>= 3.0.0-rc < 3.1.0-rc)
      Hephaestus (>= 4.0 < 5.0)
    Freya.Machines.Http.Patch.Hopac (3.0.0-rc01)
      Aether (>= 8.1 < 9.0)
      Freya.Core.Hopac (>= 3.0.0-rc < 3.1.0-rc)
      Freya.Machines.Hopac (>= 3.0.0-rc02)
      Freya.Machines.Http.Hopac (>= 3.0.0-rc01)
      Freya.Optics.Http.Hopac (>= 3.0.0-rc < 3.1.0-rc)
      Freya.Optics.Http.Patch.Hopac (>= 3.0.0-rc < 3.1.0-rc)
      Freya.Types.Http (>= 3.0.0-rc < 3.1.0-rc)
      Freya.Types.Http.Patch (>= 3.0.0-rc < 3.1.0-rc)
      Hephaestus.Hopac (>= 4.0 < 5.0)
    Freya.Optics (3.0.0-rc01)
      Aether (>= 8.1 < 9.0)
    Freya.Optics.Http (3.0.0-rc01)
      Aether (>= 8.1 < 9.0)
      Freya.Core (>= 3.0.0-rc < 3.1.0-rc)
      Freya.Optics (>= 3.0.0-rc01)
      Freya.Types.Http (>= 3.0.0-rc < 3.1.0-rc)
      Freya.Types.Uri (>= 3.0.0-rc < 3.1.0-rc)
    Freya.Optics.Http.Cors (3.0.0-rc01)
      Aether (>= 8.1 < 9.0)
      Freya.Core (>= 3.0.0-rc < 3.1.0-rc)
      Freya.Optics (>= 3.0.0-rc01)
      Freya.Optics.Http (>= 3.0.0-rc01)
      Freya.Types.Http.Cors (>= 3.0.0-rc < 3.1.0-rc)
    Freya.Optics.Http.Cors.Hopac (3.0.0-rc01)
      Aether (>= 8.1 < 9.0)
      Freya.Core.Hopac (>= 3.0.0-rc < 3.1.0-rc)
      Freya.Optics (>= 3.0.0-rc01)
      Freya.Optics.Http.Hopac (>= 3.0.0-rc01)
      Freya.Types.Http.Cors (>= 3.0.0-rc < 3.1.0-rc)
    Freya.Optics.Http.Hopac (3.0.0-rc01)
      Aether (>= 8.1 < 9.0)
      Freya.Core.Hopac (>= 3.0.0-rc < 3.1.0-rc)
      Freya.Optics (>= 3.0.0-rc01)
      Freya.Types.Http (>= 3.0.0-rc < 3.1.0-rc)
      Freya.Types.Uri (>= 3.0.0-rc < 3.1.0-rc)
    Freya.Optics.Http.Patch (3.0.0-rc01)
      Aether (>= 8.1 < 9.0)
      Freya.Core (>= 3.0.0-rc < 3.1.0-rc)
      Freya.Optics (>= 3.0.0-rc01)
      Freya.Optics.Http (>= 3.0.0-rc01)
      Freya.Types.Http.Patch (>= 3.0.0-rc < 3.1.0-rc)
    Freya.Optics.Http.Patch.Hopac (3.0.0-rc01)
      Aether (>= 8.1 < 9.0)
      Freya.Core.Hopac (>= 3.0.0-rc < 3.1.0-rc)
      Freya.Optics (>= 3.0.0-rc01)
      Freya.Optics.Http.Hopac (>= 3.0.0-rc01)
      Freya.Types.Http.Patch (>= 3.0.0-rc < 3.1.0-rc)
    Freya.Polyfills (3.0.0-rc01)
      Freya.Core (>= 3.0.0-rc < 3.1.0-rc)
    Freya.Polyfills.Hopac (3.0.0-rc01)
      Freya.Core.Hopac (>= 3.0.0-rc < 3.1.0-rc)
    Freya.Polyfills.Katana (3.0.0-rc01)
      Freya.Core (>= 3.0.0-rc < 3.1.0-rc)
      Freya.Polyfills (>= 3.0.0-rc01)
    Freya.Polyfills.Katana.Hopac (3.0.0-rc01)
      Freya.Core.Hopac (>= 3.0.0-rc < 3.1.0-rc)
      Freya.Polyfills.Hopac (>= 3.0.0-rc01)
    Freya.Routers (3.0.0-rc02)
      Aether (>= 8.1 < 9.0)
    Freya.Routers.Uri.Template (3.0.0-rc04)
      Aether (>= 8.1 < 9.0)
      Anat (>= 1.0 < 2.0)
      Freya.Core (>= 3.0.0-rc < 3.1.0-rc)
      Freya.Optics.Http (>= 3.0.0-rc < 3.1.0-rc)
      Freya.Polyfills (>= 3.0.0-rc < 3.1.0-rc)
      Freya.Routers (>= 3.0.0-rc02)
      Freya.Types.Http (>= 3.0.0-rc < 3.1.0-rc)
      Freya.Types.Uri (>= 3.0.0-rc < 3.1.0-rc)
      Freya.Types.Uri.Template (>= 3.0.0-rc < 3.1.0-rc)
    Freya.Routers.Uri.Template.Hopac (3.0.0-rc04)
      Aether (>= 8.1 < 9.0)
      Anat (>= 1.0 < 2.0)
      Freya.Core.Hopac (>= 3.0.0-rc < 3.1.0-rc)
      Freya.Optics.Http.Hopac (>= 3.0.0-rc < 3.1.0-rc)
      Freya.Polyfills.Hopac (>= 3.0.0-rc < 3.1.0-rc)
      Freya.Routers (>= 3.0.0-rc02)
      Freya.Types.Http (>= 3.0.0-rc < 3.1.0-rc)
      Freya.Types.Uri (>= 3.0.0-rc < 3.1.0-rc)
      Freya.Types.Uri.Template (>= 3.0.0-rc < 3.1.0-rc)
    Freya.Types (3.0.0-rc01)
      FParsec (>= 1.0 < 2.0)
    Freya.Types.Http (3.0.0-rc01)
      FParsec (>= 1.0 < 2.0)
      Freya.Types (>= 3.0.0-rc01)
      Freya.Types.Language (>= 3.0.0-rc01)
      Freya.Types.Uri (>= 3.0.0-rc01)
    Freya.Types.Http.Cors (3.0.0-rc01)
      FParsec (>= 1.0 < 2.0)
      Freya.Types (>= 3.0.0-rc01)
      Freya.Types.Http (>= 3.0.0-rc01)
      Freya.Types.Language (>= 3.0.0-rc01)
      Freya.Types.Uri (>= 3.0.0-rc01)
    Freya.Types.Http.Patch (3.0.0-rc01)
      FParsec (>= 1.0 < 2.0)
      Freya.Types (>= 3.0.0-rc01)
      Freya.Types.Http (>= 3.0.0-rc01)
      Freya.Types.Language (>= 3.0.0-rc01)
      Freya.Types.Uri (>= 3.0.0-rc01)
    Freya.Types.Language (3.0.0-rc01)
      FParsec (>= 1.0 < 2.0)
      Freya.Types (>= 3.0.0-rc01)
    Freya.Types.Uri (3.0.0-rc01)
      FParsec (>= 1.0 < 2.0)
      Freya.Types (>= 3.0.0-rc01)
    Freya.Types.Uri.Template (3.0.0-rc03)
      FParsec (>= 1.0 < 2.0)
      Freya.Types (>= 3.0.0-rc01)
      Freya.Types.Uri (>= 3.0.0-rc01)
    FSharp.Core (4.0.0.1)
    Hekate (3.2)
      Aether (>= 8.0.2 < 9.0)
    Hephaestus (4.0)
      Aether (>= 8.1 < 9.0)
      Anat (>= 1.0 < 2.0)
      Hekate (>= 3.2 < 4.0)
    Hephaestus.Hopac (4.0)
      Aether (>= 8.1 < 9.0)
      Anat (>= 1.0 < 2.0)
      Hekate (>= 3.2 < 4.0)
      Hopac (>= 0.0 < 1.0)
    Hopac (0.3.14)
      FSharp.Core (>= 3.1.2.5)
    Microsoft.Owin (3.0.1)
      Owin (>= 1.0)
    Microsoft.Owin.Diagnostics (3.0.1)
      Microsoft.Owin (>= 3.0.1)
      Owin (>= 1.0)
    Microsoft.Owin.Host.HttpListener (3.0.1)
    Microsoft.Owin.Hosting (3.0.1)
      Microsoft.Owin (>= 3.0.1)
      Owin (>= 1.0)
    Microsoft.Owin.SelfHost (3.0.1)
      Microsoft.Owin (>= 3.0.1)
      Microsoft.Owin.Diagnostics (>= 3.0.1)
      Microsoft.Owin.Host.HttpListener (>= 3.0.1)
      Microsoft.Owin.Hosting (>= 3.0.1)
      Owin (>= 1.0)
    Owin (1.0)
